GIT
  remote: https://github.com/mr-dxdy/sequel-pg-comment.git
  revision: 88f91b550e4133b5fc865dfe2ce8692652f3163f
  branch: remove_git-version-bump
  specs:
    sequel-pg-comment (2.0.1)
      sequel

GEM
  remote: https://rubygems.org/
  specs:
    actionview (6.1.4)
      activesupport (= 6.1.4)
      builder (~> 3.1)
      erubi (~> 1.4)
      rails-dom-testing (~> 2.0)
      rails-html-sanitizer (~> 1.1, >= 1.2.0)
    activesupport (6.1.4)
      concurrent-ruby (~> 1.0, >= 1.0.2)
      i18n (>= 1.6, < 2)
      minitest (>= 5.1)
      tzinfo (~> 2.0)
      zeitwerk (~> 2.3)
    builder (3.2.4)
    chronic (0.10.2)
    chronic_duration (0.10.6)
      numerizer (~> 0.1.1)
    coderay (1.1.3)
    concurrent-ruby (1.1.9)
    crass (1.0.6)
    discordrb (3.4.0)
      discordrb-webhooks (~> 3.3.0)
      ffi (>= 1.9.24)
      opus-ruby
      rest-client (>= 2.0.0)
      websocket-client-simple (>= 0.3.0)
    discordrb-webhooks (3.3.0)
      rest-client (>= 2.1.0.rc1)
    domain_name (0.5.20190701)
      unf (>= 0.0.5, < 1.0.0)
    dotenv (2.7.6)
    e2mmap (0.1.0)
    erubi (1.10.0)
    ethon (0.14.0)
      ffi (>= 1.15.0)
    event_emitter (0.2.6)
    ffi (1.15.3)
    ffi (1.15.3-x64-mingw32)
    ffi (1.15.3-x86-mingw32)
    foreman (0.87.2)
    hashie (4.1.0)
    http-accept (1.7.0)
    http-cookie (1.0.4)
      domain_name (~> 0.5)
    i18n (1.8.10)
      concurrent-ruby (~> 1.0)
    loofah (2.10.0)
      crass (~> 1.0.2)
      nokogiri (>= 1.5.9)
    lru_redux (1.1.0)
    memoist (0.16.2)
    method_source (1.0.0)
    mime-types (3.3.1)
      mime-types-data (~> 3.2015)
    mime-types-data (3.2021.0225)
    mini_portile2 (2.5.3)
    minitest (5.14.4)
    netrc (0.11.0)
    nokogiri (1.11.7)
      mini_portile2 (~> 2.5.0)
      racc (~> 1.4)
    nokogiri (1.11.7-x64-mingw32)
      racc (~> 1.4)
    nokogiri (1.11.7-x86-mingw32)
      racc (~> 1.4)
    nokogiri (1.11.7-x86_64-linux)
      racc (~> 1.4)
    numerizer (0.1.1)
    opus-ruby (1.0.1)
      ffi
    pastel (0.8.0)
      tty-color (~> 0.5)
    pg (1.2.3)
    pry (0.14.1)
      coderay (~> 1.1)
      method_source (~> 1.0)
    pry-remote (0.1.8)
      pry (~> 0.9)
      slop (~> 3.0)
    racc (1.5.2)
    rails-dom-testing (2.0.3)
      activesupport (>= 4.2.0)
      nokogiri (>= 1.6)
    rails-html-sanitizer (1.3.0)
      loofah (~> 2.3)
    rake (13.0.3)
    rest-client (2.1.0)
      http-accept (>= 1.7.0, < 2.0)
      http-cookie (>= 1.0.2, < 2.0)
      mime-types (>= 1.16, < 4.0)
      netrc (~> 0.8)
    rest-client (2.1.0-x64-mingw32)
      ffi (~> 1.9)
      http-accept (>= 1.7.0, < 2.0)
      http-cookie (>= 1.0.2, < 2.0)
      mime-types (>= 1.16, < 4.0)
      netrc (~> 0.8)
    rest-client (2.1.0-x86-mingw32)
      ffi (~> 1.9)
      http-accept (>= 1.7.0, < 2.0)
      http-cookie (>= 1.0.2, < 2.0)
      mime-types (>= 1.16, < 4.0)
      netrc (~> 0.8)
    sequel (5.46.0)
    sequel_pg (1.14.0)
      pg (>= 0.18.0, != 1.2.0)
      sequel (>= 4.38.0)
    slop (3.6.0)
    thwait (0.1.0)
    tty-color (0.6.0)
    tty-cursor (0.7.1)
    tty-prompt (0.23.1)
      pastel (~> 0.8)
      tty-reader (~> 0.8)
    tty-reader (0.9.0)
      tty-cursor (~> 0.7)
      tty-screen (~> 0.8)
      wisper (~> 2.0)
    tty-screen (0.8.1)
    typhoeus (1.4.0)
      ethon (>= 0.9.0)
    tzinfo (2.0.4)
      concurrent-ruby (~> 1.0)
    unf (0.1.4)
      unf_ext
    unf_ext (0.0.7.7)
    websocket (1.2.9)
    websocket-client-simple (0.3.0)
      event_emitter
      websocket
    wisper (2.0.1)
    zeitwerk (2.4.2)

PLATFORMS
  mingw32
  ruby
  x86_64-linux

DEPENDENCIES
  actionview (~> 6.1)
  activesupport (~> 6.1)
  chronic (~> 0.10.2)
  chronic_duration (~> 0.10.2)
  discordrb (~> 3.3)
  dotenv (~> 2.5)
  e2mmap (~> 0.1.0)
  foreman
  hashie (~> 4.1)
  lru_redux (~> 1.1)
  memoist (~> 0.16.0)
  nokogiri (~> 1.11)
  pg (~> 1.2)
  pry
  pry-remote (~> 0.1.8)
  rake (~> 13.0)
  sequel (~> 5.46)
  sequel-pg-comment!
  sequel_pg (~> 1.14)
  thwait (~> 0.1.0)
  tty-prompt (~> 0.23)
  typhoeus (~> 1.4)
  tzinfo (~> 2.0)

RUBY VERSION
   ruby 3.0.1p64

BUNDLED WITH
   2.2.21
