GEM
  remote: https://rubygems.org/
  specs:
    activesupport (5.1.4)
      concurrent-ruby (~> 1.0, >= 1.0.2)
      i18n (~> 0.7)
      minitest (~> 5.1)
      tzinfo (~> 1.1)
    cinch (2.1.0)
    coderay (1.1.2)
    concurrent-ruby (1.0.5)
    ethon (0.10.1)
      ffi (>= 1.3.0)
    ffi (1.9.18)
    foreman (0.84.0)
      thor (~> 0.19.1)
    graphql (1.7.4)
    graphql-client (0.12.1)
      activesupport (>= 3.0, < 6.0)
      graphql (~> 1.6)
    hashie (3.3.2)
    i18n (0.9.0)
      concurrent-ruby (~> 1.0)
    memoist (0.15.0)
    method_source (0.9.0)
    mini_portile2 (2.1.0)
    minitest (5.10.3)
    nokogiri (1.6.8.1)
      mini_portile2 (~> 2.1.0)
    numbers_in_words (0.4.0)
      activesupport
    pry (0.11.2)
      coderay (~> 1.1.0)
      method_source (~> 0.9.0)
    thor (0.19.4)
    thread_safe (0.3.6)
    typhoeus (0.6.9)
      ethon (>= 0.7.1)
    tzinfo (1.2.3)
      thread_safe (~> 0.1)

PLATFORMS
  ruby

DEPENDENCIES
  cinch (~> 2.1.0)
  foreman
  graphql-client (~> 0.12.1)
  hashie (~> 3.3.1)
  memoist (~> 0.15.0)
  nokogiri (~> 1.6.8.1)
  numbers_in_words (~> 0.4.0)
  pry
  typhoeus (~> 0.6.9)

RUBY VERSION
   ruby 2.4.2p198

BUNDLED WITH
   1.14.6
