GEM
  remote: https://rubygems.org/
  specs:
    activesupport (5.1.4)
      concurrent-ruby (~> 1.0, >= 1.0.2)
      i18n (~> 0.7)
      minitest (~> 5.1)
      tzinfo (~> 1.1)
    cinch (2.1.0)
    coderay (1.1.2)
    concurrent-ruby (1.0.5)
    ethon (0.10.1)
      ffi (>= 1.3.0)
    ffi (1.9.18)
    foreman (0.84.0)
      thor (~> 0.19.1)
    handlebars (0.8.0)
      handlebars-source (~> 4.0.5)
      therubyracer (~> 0.12.1)
    handlebars-source (4.0.11)
    hashie (3.3.2)
    i18n (0.9.0)
      concurrent-ruby (~> 1.0)
    libv8 (3.16.14.19)
    memoist (0.15.0)
    method_source (0.9.0)
    mini_portile2 (2.1.0)
    minitest (5.10.3)
    namey (0.0.12)
      sequel (~> 4.48)
      sqlite3
    nokogiri (1.6.8.1)
      mini_portile2 (~> 2.1.0)
    numbers_in_words (0.4.0)
      activesupport
    pry (0.11.2)
      coderay (~> 1.1.0)
      method_source (~> 0.9.0)
    ref (2.0.0)
    sequel (4.49.0)
    sqlite3 (1.3.13)
    therubyracer (0.12.3)
      libv8 (~> 3.16.14.15)
      ref
    thor (0.19.4)
    thread_safe (0.3.6)
    tilt (1.4.1)
    tilt-handlebars (1.3.1)
      handlebars (~> 0.6)
      tilt (~> 1.4)
    typhoeus (0.6.9)
      ethon (>= 0.7.1)
    tzinfo (1.2.3)
      thread_safe (~> 0.1)

PLATFORMS
  ruby

DEPENDENCIES
  cinch (~> 2.1.0)
  foreman
  hashie (~> 3.3.1)
  memoist (~> 0.15.0)
  namey (~> 0.0.10)
  nokogiri (~> 1.6.8.1)
  numbers_in_words (~> 0.4.0)
  pry
  tilt (~> 1.4.1)
  tilt-handlebars (~> 1.3.1)
  typhoeus (~> 0.6.9)

BUNDLED WITH
   1.14.6
