GEM
  remote: https://rubygems.org/
  specs:
    activesupport (5.0.0.1)
      concurrent-ruby (~> 1.0, >= 1.0.2)
      i18n (~> 0.7)
      minitest (~> 5.1)
      tzinfo (~> 1.1)
    cinch (2.1.0)
    coderay (1.1.1)
    concurrent-ruby (1.0.2)
    ethon (0.9.1)
      ffi (>= 1.3.0)
    ffi (1.9.14)
    foreman (0.82.0)
      thor (~> 0.19.1)
    handlebars (0.8.0)
      handlebars-source (~> 4.0.5)
      therubyracer (~> 0.12.1)
    handlebars-source (4.0.5)
    hashie (3.3.2)
    hitimes (1.2.4)
    i18n (0.7.0)
    libv8 (3.16.14.15)
    memoist (0.15.0)
    method_source (0.8.2)
    mini_portile2 (2.1.0)
    minitest (5.9.1)
    namey (0.0.10)
      sequel
      sqlite3
    nokogiri (1.6.8.1)
      mini_portile2 (~> 2.1.0)
    numbers_in_words (0.4.0)
      activesupport
    pry (0.10.4)
      coderay (~> 1.1.0)
      method_source (~> 0.8.1)
      slop (~> 3.4)
    puma (3.6.0)
    rack (1.6.4)
    rack-protection (1.5.3)
      rack
    ref (2.0.0)
    sequel (4.40.0)
    sinatra (1.4.7)
      rack (~> 1.5)
      rack-protection (~> 1.4)
      tilt (>= 1.3, < 3)
    slop (3.6.0)
    sqlite3 (1.3.12)
    therubyracer (0.12.2)
      libv8 (~> 3.16.14.0)
      ref
    thor (0.19.1)
    thread_safe (0.3.5)
    tilt (1.4.1)
    tilt-handlebars (1.3.1)
      handlebars (~> 0.6)
      tilt (~> 1.4)
    timers (4.0.4)
      hitimes
    typhoeus (0.6.9)
      ethon (>= 0.7.1)
    tzinfo (1.2.2)
      thread_safe (~> 0.1)

PLATFORMS
  ruby

DEPENDENCIES
  cinch (~> 2.1.0)
  foreman
  hashie (~> 3.3.1)
  memoist (~> 0.15.0)
  namey (~> 0.0.10)
  nokogiri (~> 1.6.8.1)
  numbers_in_words (~> 0.4.0)
  pry
  puma
  sinatra (~> 1.4.5)
  tilt (~> 1.4.1)
  tilt-handlebars (~> 1.3.1)
  timers (~> 4.0.1)
  typhoeus (~> 0.6.9)

RUBY VERSION
   ruby 2.3.1p112

BUNDLED WITH
   1.12.3
