GEM
  remote: https://rubygems.org/
  specs:
    activesupport (5.2.1)
      concurrent-ruby (~> 1.0, >= 1.0.2)
      i18n (>= 0.7, < 2)
      minitest (~> 5.1)
      tzinfo (~> 1.1)
    chronic (0.10.2)
    chronic_duration (0.10.6)
      numerizer (~> 0.1.1)
    cinch (2.1.0)
    cinch-identify (1.7.0)
      cinch (~> 2.0)
    coderay (1.1.2)
    concurrent-ruby (1.0.5)
    diff-lcs (1.3)
    ethon (0.11.0)
      ffi (>= 1.3.0)
    ffi (1.9.25)
    foreman (0.85.0)
      thor (~> 0.19.1)
    graphql (1.8.11)
    graphql-client (0.12.3)
      activesupport (>= 3.0, < 6.0)
      graphql (~> 1.6)
    hashie (3.3.2)
    i18n (1.1.1)
      concurrent-ruby (~> 1.0)
    memoist (0.15.0)
    method_source (0.9.0)
    mini_portile2 (2.1.0)
    minitest (5.11.3)
    nokogiri (1.6.8.1)
      mini_portile2 (~> 2.1.0)
    numbers_in_words (0.4.0)
      activesupport
    numerizer (0.1.1)
    pry (0.11.3)
      coderay (~> 1.1.0)
      method_source (~> 0.9.0)
    pry-remote (0.1.8)
      pry (~> 0.9)
      slop (~> 3.0)
    redis (4.0.2)
    rspec (3.6.0)
      rspec-core (~> 3.6.0)
      rspec-expectations (~> 3.6.0)
      rspec-mocks (~> 3.6.0)
    rspec-core (3.6.0)
      rspec-support (~> 3.6.0)
    rspec-expectations (3.6.0)
      diff-lcs (>= 1.2.0, < 2.0)
      rspec-support (~> 3.6.0)
    rspec-mocks (3.6.0)
      diff-lcs (>= 1.2.0, < 2.0)
      rspec-support (~> 3.6.0)
    rspec-support (3.6.0)
    slop (3.6.0)
    thor (0.19.4)
    thread_safe (0.3.6)
    typhoeus (0.6.9)
      ethon (>= 0.7.1)
    tzinfo (1.2.5)
      thread_safe (~> 0.1)

PLATFORMS
  ruby

DEPENDENCIES
  chronic (~> 0.10.2)
  chronic_duration (~> 0.10.2)
  cinch (~> 2.1.0)
  cinch-identify (~> 1.7.0)
  foreman
  graphql-client (~> 0.12.1)
  hashie (~> 3.3.1)
  memoist (~> 0.15.0)
  nokogiri (~> 1.6.8.1)
  numbers_in_words (~> 0.4.0)
  pry
  pry-remote (~> 0.1.8)
  redis (~> 4.0.1)
  rspec (~> 3.6.0)
  typhoeus (~> 0.6.9)

RUBY VERSION
   ruby 2.5.1p57

BUNDLED WITH
   1.16.1
