GEM
  remote: https://rubygems.org/
  specs:
    cinch (2.1.0)
    coderay (1.1.0)
    dotenv (0.7.0)
    foreman (0.65.0)
      dotenv (~> 0.7.0)
      thor (~> 0.19.1)
    handlebars (0.6.0)
      handlebars-source (~> 1.3.0)
      therubyracer (~> 0.12.0)
    handlebars-source (1.3.0)
    hashie (2.1.1)
    hitimes (1.2.1)
    libv8 (3.16.14.3)
    memoist (0.9.2)
    method_source (0.8.2)
    namey (0.0.10)
      sequel
      sqlite3
    pry (0.9.12.6)
      coderay (~> 1.0)
      method_source (~> 0.8)
      slop (~> 3.4)
    puma (2.8.2)
      rack (>= 1.1, < 2.0)
    rack (1.5.2)
    rack-protection (1.5.3)
      rack
    ref (1.0.5)
    sequel (4.15.0)
    sinatra (1.4.5)
      rack (~> 1.4)
      rack-protection (~> 1.4)
      tilt (~> 1.3, >= 1.3.4)
    slop (3.5.0)
    sqlite3 (1.3.10)
    therubyracer (0.12.1)
      libv8 (~> 3.16.14.0)
      ref
    thor (0.19.1)
    tilt (1.4.1)
    tilt-handlebars (1.3.0)
      handlebars (~> 0.6)
      tilt (~> 1.4)
    timers (2.0.0)
      hitimes

PLATFORMS
  ruby

DEPENDENCIES
  cinch
  foreman
  hashie
  memoist
  namey
  pry
  puma
  sinatra
  tilt
  tilt-handlebars
  timers
